GEM
  remote: http://rubygems.org/
  specs:
    bson (4.3.0)
    hpricot (0.8.6)
    mini_portile2 (2.8.0)
    mongo (2.6.2)
      bson (>= 4.3.0, < 5.0.0)
    mustermann (1.0.3)
    nokogiri (1.13.2)
      mini_portile2 (~> 2.8.0)
      racc (~> 1.4)
    parseconfig (1.0.8)
    racc (1.6.0)
    rack (2.2.3)
    rack-protection (2.0.4)
      rack
    sinatra (2.0.4)
      mustermann (~> 1.0)
      rack (~> 2.0)
      rack-protection (= 2.0.4)
      tilt (~> 2.0)
    tilt (2.0.9)

PLATFORMS
  ruby

DEPENDENCIES
  hpricot
  mongo
  nokogiri
  parseconfig
  sinatra

BUNDLED WITH
   1.16.1
