GEM
  remote: http://rubygems.org/
  specs:
    bson (4.3.0)
    hpricot (0.8.6)
    mini_portile2 (2.3.0)
    mongo (2.5.1)
      bson (>= 4.3.0, < 5.0.0)
    mustermann (1.0.2)
    nokogiri (1.8.2)
      mini_portile2 (~> 2.3.0)
    parseconfig (1.0.8)
    rack (2.0.4)
    rack-protection (2.0.1)
      rack
    sinatra (2.0.1)
      mustermann (~> 1.0)
      rack (~> 2.0)
      rack-protection (= 2.0.1)
      tilt (~> 2.0)
    tilt (2.0.8)

PLATFORMS
  ruby

DEPENDENCIES
  hpricot
  mongo
  nokogiri
  parseconfig
  sinatra

BUNDLED WITH
   1.16.1
