GEM
  remote: http://rubygems.org/
  specs:
    base64 (0.2.0)
    bson (5.0.2)
    hpricot (0.8.6)
    logger (1.6.6)
    mongo (2.21.0)
      bson (>= 4.14.1, < 6.0.0)
    mustermann (3.0.3)
      ruby2_keywords (~> 0.0.1)
    nokogiri (1.18.4-x86_64-linux-gnu)
      racc (~> 1.4)
    parseconfig (1.1.2)
    racc (1.8.1)
    rack (3.1.12)
    rack-protection (4.1.1)
      base64 (>= 0.1.0)
      logger (>= 1.6.0)
      rack (>= 3.0.0, < 4)
    rack-session (2.1.0)
      base64 (>= 0.1.0)
      rack (>= 3.0.0)
    ruby2_keywords (0.0.5)
    sinatra (4.1.1)
      logger (>= 1.6.0)
      mustermann (~> 3.0)
      rack (>= 3.0.0, < 4)
      rack-protection (= 4.1.1)
      rack-session (>= 2.0.0, < 3)
      tilt (~> 2.0)
    tilt (2.6.0)

PLATFORMS
  x86_64-linux

DEPENDENCIES
  hpricot
  mongo
  nokogiri
  parseconfig
  sinatra

RUBY VERSION
   ruby 3.2.0p0

BUNDLED WITH
   2.4.1
