GEM
  remote: http://rubygems.org/
  specs:
    bson (1.6.0)
    hpricot (0.8.6)
    mongo (1.6.0)
      bson (= 1.6.0)
    nokogiri (1.5.0)
    parseconfig (0.5.2)
    rack (1.4.1)
    rack-protection (1.2.0)
      rack
    sinatra (1.3.2)
      rack (~> 1.3, >= 1.3.6)
      rack-protection (~> 1.2)
      tilt (~> 1.3, >= 1.3.3)
    tilt (1.3.3)

PLATFORMS
  ruby

DEPENDENCIES
  hpricot
  mongo
  nokogiri
  parseconfig
  sinatra
