GEM
  remote: http://rubygems.org/
  specs:
    bson (4.3.0)
    hpricot (0.8.6)
    mini_portile2 (2.8.1)
    mongo (2.6.2)
      bson (>= 4.3.0, < 5.0.0)
    mustermann (2.0.2)
      ruby2_keywords (~> 0.0.1)
    nokogiri (1.14.3)
      mini_portile2 (~> 2.8.0)
      racc (~> 1.4)
    parseconfig (1.0.8)
    racc (1.6.2)
    rack (2.2.6.4)
    rack-protection (2.2.3)
      rack
    ruby2_keywords (0.0.5)
    sinatra (2.2.3)
      mustermann (~> 2.0)
      rack (~> 2.2)
      rack-protection (= 2.2.3)
      tilt (~> 2.0)
    tilt (2.0.11)

PLATFORMS
  ruby

DEPENDENCIES
  hpricot
  mongo
  nokogiri
  parseconfig
  sinatra

BUNDLED WITH
   1.16.1
